PATH
  remote: ../motion-turbolinks
  specs:
    motion-turbolinks (1.0)

GEM
  remote: https://rubygems.org/
  specs:
    rake (12.0.0)

PLATFORMS
  ruby

DEPENDENCIES
  motion-turbolinks!
  rake

BUNDLED WITH
   1.13.6
